GIT
  remote: https://github.com/ctxswitch/vagrant_cloud
  revision: 54a2d18209429d5737354aad0f1bb8249a32f127
  branch: allow_account_token_for_nil
  specs:
    vagrant_cloud (2.0.3.dev)
      rest-client (~> 2.0.2)

GEM
  remote: https://rubygems.org/
  specs:
    domain_name (0.5.20180417)
      unf (>= 0.0.5, < 1.0.0)
    http-cookie (1.0.3)
      domain_name (~> 0.5)
    mime-types (3.2.2)
      mime-types-data (~> 3.2015)
    mime-types-data (3.2018.0812)
    netrc (0.11.0)
    rake (12.3.2)
    rest-client (2.0.2)
      http-cookie (>= 1.0.2, < 2.0)
      mime-types (>= 1.16, < 4.0)
      netrc (~> 0.8)
    unf (0.1.4)
      unf_ext
    unf_ext (0.0.7.5)

PLATFORMS
  ruby

DEPENDENCIES
  rake
  vagrant_cloud!

BUNDLED WITH
   2.0.1
